PATH
  remote: .
  specs:
    gravtastic (3.2.6)

GEM
  remote: https://rubygems.org/
  specs:
    diff-lcs (1.1.2)
    rr (1.0.0)
    rspec (2.0.0)
      rspec-core (= 2.0.0)
      rspec-expectations (= 2.0.0)
      rspec-mocks (= 2.0.0)
    rspec-core (2.0.0)
    rspec-expectations (2.0.0)
      diff-lcs (>= 1.1.2)
    rspec-mocks (2.0.0)
      rspec-core (= 2.0.0)
      rspec-expectations (= 2.0.0)

PLATFORMS
  ruby

DEPENDENCIES
  gravtastic!
  rr (~> 1.0.0)
  rspec (~> 2.0.0)
